GEM
  remote: https://rubygems.org/
  specs:
    commander (4.2.0)
      highline (~> 1.6.11)
    growl (1.0.3)
    highline (1.6.21)
    mini_portile (0.5.3)
    nokogiri (1.6.1)
      mini_portile (~> 0.5.0)

PLATFORMS
  ruby

DEPENDENCIES
  commander
  growl
  nokogiri
